GEM
  remote: https://rubygems.org/
  specs:
    childprocess (3.0.0)
    rubyzip (2.3.0)
    selenium-webdriver (3.142.7)
      childprocess (>= 0.5, < 4.0)
      rubyzip (>= 1.2.2)

PLATFORMS
  x86_64-darwin-19

DEPENDENCIES
  selenium-webdriver

BUNDLED WITH
   2.2.5
